PATH
  remote: .
  specs:
    peml (0.1.1)
      json_schemer (>= 0.2)
      parslet (>= 1.8)
      redcarpet (>= 3.5)

GEM
  remote: https://rubygems.org/
  specs:
    ecma-re-validator (0.3.0)
      regexp_parser (~> 2.0)
    hana (1.3.7)
    json_schemer (0.2.18)
      ecma-re-validator (~> 0.3)
      hana (~> 1.3)
      regexp_parser (~> 2.0)
      uri_template (~> 0.7)
    minitest (5.14.4)
    parslet (2.0.0)
    rake (13.0.3)
    redcarpet (3.5.1)
    regexp_parser (2.1.1)
    uri_template (0.7.0)

PLATFORMS
  ruby

DEPENDENCIES
  bundler (~> 1.16)
  minitest (~> 5.0)
  peml!
  rake (>= 13.0)

BUNDLED WITH
   1.17.3
