PATH
  remote: .
  specs:
    peml (0.1.1)
      dottie (~> 0.0.1)
      json_schemer (>= 0.2)
      kramdown (~> 2.3.1)
      kramdown-parser-gfm (~> 1.1.0)
      liquid (>= 3.0.6)
      parslet (>= 1.8)
      redcarpet (>= 3.5)

GEM
  remote: https://rubygems.org/
  specs:
    dottie (0.0.2)
    ecma-re-validator (0.4.0)
      regexp_parser (~> 2.2)
    hana (1.3.7)
    json_schemer (0.2.21)
      ecma-re-validator (~> 0.3)
      hana (~> 1.3)
      regexp_parser (~> 2.0)
      uri_template (~> 0.7)
    kramdown (2.3.2)
      rexml
    kramdown-parser-gfm (1.1.0)
      kramdown (~> 2.0)
    liquid (5.3.0)
    minitest (5.14.4)
    parslet (2.0.0)
    rake (13.0.3)
    redcarpet (3.5.1)
    regexp_parser (2.5.0)
    rexml (3.2.5)
    uri_template (0.7.0)

PLATFORMS
  ruby

DEPENDENCIES
  bundler (~> 1.16)
  minitest (~> 5.0)
  peml!
  rake (>= 13.0)

BUNDLED WITH
   1.17.3
