PATH
  remote: .
  specs:
    peml (0.1.1)
      parslet (~> 1.8)

GEM
  remote: https://rubygems.org/
  specs:
    ecma-re-validator (0.2.0)
      regexp_parser (~> 1.2)
    hana (1.3.5)
    json_schemer (0.2.10)
      ecma-re-validator (~> 0.2)
      hana (~> 1.3)
      regexp_parser (~> 1.5)
      uri_template (~> 0.7)
    minitest (5.14.0)
    parslet (1.8.2)
    rake (13.0.1)
    regexp_parser (1.7.0)
    uri_template (0.7.0)

PLATFORMS
  ruby

DEPENDENCIES
  bundler (~> 1.16)
  json_schemer (~> 0.2.8)
  minitest (~> 5.0)
  peml!
  rake (>= 13.0)

BUNDLED WITH
   1.17.3
